GEM
  remote: https://rubygems.org/
  specs:
    ruby2d (0.9.4)

PLATFORMS
  ruby

DEPENDENCIES
  ruby2d

BUNDLED WITH
   2.1.4
